GEM
  remote: https://rubygems.org/
  specs:
    base64 (0.2.0)
    graphql (1.13.23)
      base64
    graphql-schema_directives (0.0.2)
      graphql (~> 1.9)
    rack (2.2.12)
    webrick (1.9.1)

PLATFORMS
  x86_64-darwin-19
  x86_64-linux

DEPENDENCIES
  graphql (~> 1.10)
  graphql-schema_directives (~> 0.0)
  rack (~> 2.2)
  webrick (~> 1.9.1)

BUNDLED WITH
   2.2.3
