GEM
  remote: https://rubygems.org/
  specs:
    graphql (1.13.19)
    graphql-schema_directives (0.0.2)
      graphql (~> 1.9)
    rack (2.2.7)

PLATFORMS
  x86_64-darwin-19
  x86_64-linux

DEPENDENCIES
  graphql (~> 1.10)
  graphql-schema_directives (~> 0.0)
  rack (~> 2.0)

BUNDLED WITH
   2.2.3
